GEM
  remote: https://rubygems.org/
  specs:
    mini_exiftool (2.10.1)

PLATFORMS
  ruby

DEPENDENCIES
  mini_exiftool

BUNDLED WITH
   2.1.4
